GIT
  remote: git://github.com/delighted/gmail.git
  revision: 195dc10fcc8047c6bbde70130071978057aebe24
  specs:
    gmail (0.4.0)
      gmail_xoauth (>= 0.3.0)
      mail (>= 2.2.1)
      mime (>= 0.1)

GEM
  remote: https://rubygems.org/
  specs:
    coderay (1.0.9)
    gmail_xoauth (0.4.1)
      oauth (>= 0.3.6)
    mail (2.5.4)
      mime-types (~> 1.16)
      treetop (~> 1.4.8)
    method_source (0.8.1)
    mime (0.1)
    mime-types (1.25)
    oauth (0.4.7)
    polyglot (0.3.3)
    pry (0.9.12.2)
      coderay (~> 1.0.5)
      method_source (~> 0.8)
      slop (~> 3.4)
    slop (3.4.5)
    treetop (1.4.15)
      polyglot
      polyglot (>= 0.3.1)

PLATFORMS
  ruby

DEPENDENCIES
  gmail!
  pry
